GEM
  specs:
    abstract (1.0.0)
    erubis (2.6.6)
      abstract (>= 1.0.0)
    extlib (0.9.15)
    merb-auth-core (1.1.1)
      merb-core (~> 1.1)
    merb-core (1.2.0)
      erubis (>= 2.6.2)
      extlib (>= 0.9.13)
      mime-types (>= 1.16)
      rack
      rake
    mime-types (1.16)
    rack (1.2.1)
    rake (0.8.7)
    rspec (1.3.1)

PLATFORMS
  ruby

DEPENDENCIES
  merb-auth-core
  merb-core
  rspec (< 2.0.0)
